GEM
  remote: https://rubygems.org/
  specs:
    os (1.1.4)

PLATFORMS
  ruby

DEPENDENCIES
  os

BUNDLED WITH
   1.15.3
